GIT
  remote: git://github.com/contraflows/grisaille.git
  revision: b3476cfdf84c9d152e26d733ea21b990c4cbb807
  tag: v0.6.11
  specs:
    grisaille (0.6.11)
      activesupport (>= 3.1.1)
      aws-sdk
      bcrypt-ruby
      dm-core
      dm-is-list
      dm-migrations
      dm-timestamps
      dm-types
      dm-validations
      json
      less (>= 2.2.1)
      mini_magick
      padrino (>= 0.10.7)
      picaroon (>= 0.0.8)
      picaroon-bootstrap
      picaroon-font_awesome
      picaroon-jquery
      picaroon-jquery_ujs
      picaroon-multiselect
      redcarpet-tags
      ruby-oembed
      sinatra
      sinatra-flash
      slim
      therubyracer
      warden

GIT
  remote: git://github.com/contraflows/picaroon-data.git
  revision: f705e82310dc04c17d64c16f8b9ee58d242efbd9
  specs:
    picaroon-bootstrap (0.2.0)
      picaroon
    picaroon-font_awesome (0.0.4)
      picaroon
    picaroon-jquery (0.0.1)
      picaroon
    picaroon-jquery_lightbox (0.0.3)
      picaroon
    picaroon-jquery_ujs (0.0.1)
      picaroon
    picaroon-multiselect (0.0.2)
      picaroon

GIT
  remote: git://github.com/contraflows/redcarpet-tags.git
  revision: fa0f714aa153b50550f7176640150ae5216e7f31
  specs:
    redcarpet-tags (0.1.5)
      redcarpet

GIT
  remote: git://github.com/datamapper/dm-adjust.git
  revision: 17d342755ba937a394af3a1a40fd13a253bc3c9c
  specs:
    dm-adjust (1.3.0.beta)
      dm-core (~> 1.3.0.beta)

GIT
  remote: git://github.com/datamapper/dm-aggregates.git
  revision: 68a6f29ab3c663a58eec2b5943e2ce538a9a4a2f
  specs:
    dm-aggregates (1.3.0.beta)
      dm-core (~> 1.3.0.beta)

GIT
  remote: git://github.com/datamapper/dm-core.git
  revision: efa363cd9bf11bea6c06b7beb3214d83f1950f05
  specs:
    dm-core (1.3.0.beta)
      addressable (~> 2.2.6)
      virtus (~> 0.5)

GIT
  remote: git://github.com/datamapper/dm-do-adapter.git
  revision: 5b13be7b63b8ff2869fdb8bdbbc68470bead9993
  specs:
    dm-do-adapter (1.3.0.beta)
      data_objects (~> 0.10.6)
      dm-core (~> 1.3.0.beta)

GIT
  remote: git://github.com/datamapper/dm-is-list.git
  revision: 6826cd2647bfce37aca422451e102715acf9a481
  specs:
    dm-is-list (1.3.0.beta)
      dm-adjust (~> 1.3.0.beta)

GIT
  remote: git://github.com/datamapper/dm-migrations.git
  revision: 8bfcec08286a12ceee1bc3e5a01da3b5b7d4a74d
  specs:
    dm-migrations (1.3.0.beta)
      dm-core (~> 1.3.0.beta)

GIT
  remote: git://github.com/datamapper/dm-postgres-adapter.git
  revision: c76fb44804a352540f6e435c38e396650eca2ace
  specs:
    dm-postgres-adapter (1.3.0.beta)
      dm-do-adapter (~> 1.3.0.beta)
      do_postgres (~> 0.10.6)

GIT
  remote: git://github.com/datamapper/dm-sqlite-adapter.git
  revision: 641cb9bfd761263385097ca9cef8c070f801b3d1
  specs:
    dm-sqlite-adapter (1.3.0.beta)
      dm-do-adapter (~> 1.3.0.beta)
      do_sqlite3 (~> 0.10.6)

GIT
  remote: git://github.com/datamapper/dm-timestamps.git
  revision: 70b58b365a29a26af62fc580be6c57b97c2770ca
  specs:
    dm-timestamps (1.3.0.beta)
      dm-core (~> 1.3.0.beta)

GIT
  remote: git://github.com/datamapper/dm-types.git
  revision: 8460ef3d3bd24593a4c8269d62b612feb69f847c
  specs:
    dm-types (1.3.0.beta)
      bcrypt-ruby (~> 3.0.0)
      dm-core (~> 1.3.0.beta)
      fastercsv (~> 1.5.4)
      multi_json (~> 1.3.2)
      stringex (~> 1.4)
      uuidtools (~> 2.1.2)

GIT
  remote: git://github.com/datamapper/dm-validations.git
  revision: 6da3c28c79c68125cc37c9994f106350570b88e3
  specs:
    dm-validations (1.3.0.beta)
      dm-core (~> 1.3.0.beta)

GEM
  remote: http://rubygems.org/
  specs:
    activesupport (3.2.8)
      i18n (~> 0.6)
      multi_json (~> 1.0)
    addressable (2.2.8)
    aws-sdk (1.6.9)
      httparty (~> 0.7)
      json (~> 1.4)
      nokogiri (>= 1.4.4)
      uuidtools (~> 2.1)
    backports (2.6.4)
    bcrypt-ruby (3.0.1)
    commonjs (0.2.6)
    daemons (1.1.9)
    data_objects (0.10.8)
      addressable (~> 2.1)
    diff-lcs (1.1.3)
    do_postgres (0.10.8)
      data_objects (= 0.10.8)
    do_sqlite3 (0.10.8)
      data_objects (= 0.10.8)
    eventmachine (1.0.0)
    factory_girl (2.6.4)
      activesupport (>= 2.3.9)
    fastercsv (1.5.5)
    hike (1.2.1)
    http_router (0.10.2)
      rack (>= 1.0.0)
      url_mount (~> 0.2.1)
    httparty (0.9.0)
      multi_json (~> 1.0)
      multi_xml
    i18n (0.6.1)
    json (1.7.5)
    less (2.2.2)
      commonjs (~> 0.2.6)
    libv8 (3.3.10.4)
    mail (2.3.3)
      i18n (>= 0.4.0)
      mime-types (~> 1.16)
      treetop (~> 1.4.8)
    mime-types (1.19)
    mini_magick (3.4)
      subexec (~> 0.2.1)
    multi_json (1.3.6)
    multi_xml (0.5.1)
    nokogiri (1.5.5)
    padrino (0.10.7)
      padrino-admin (= 0.10.7)
      padrino-cache (= 0.10.7)
      padrino-core (= 0.10.7)
      padrino-gen (= 0.10.7)
      padrino-helpers (= 0.10.7)
      padrino-mailer (= 0.10.7)
    padrino-admin (0.10.7)
      padrino-core (= 0.10.7)
      padrino-helpers (= 0.10.7)
    padrino-cache (0.10.7)
      padrino-core (= 0.10.7)
    padrino-core (0.10.7)
      activesupport (~> 3.2.0)
      http_router (~> 0.10.2)
      sinatra (~> 1.3.1)
      thor (~> 0.15.2)
      tilt (~> 1.3.0)
    padrino-gen (0.10.7)
      bundler (~> 1.0)
      padrino-core (= 0.10.7)
    padrino-helpers (0.10.7)
      i18n (~> 0.6)
      padrino-core (= 0.10.7)
    padrino-mailer (0.10.7)
      mail (~> 2.3.0)
      padrino-core (= 0.10.7)
    picaroon (0.0.8)
      sprockets
    piffle (0.3.2)
    polyglot (0.3.3)
    rack (1.4.1)
    rack-protection (1.2.0)
      rack
    rack-test (0.6.1)
      rack (>= 1.0)
    rake (0.9.2.2)
    redcarpet (2.1.1)
    rspec (2.11.0)
      rspec-core (~> 2.11.0)
      rspec-expectations (~> 2.11.0)
      rspec-mocks (~> 2.11.0)
    rspec-core (2.11.1)
    rspec-expectations (2.11.3)
      diff-lcs (~> 1.1.3)
    rspec-mocks (2.11.2)
    ruby-oembed (0.8.7)
    ruby-units (1.4.2)
    sinatra (1.3.3)
      rack (~> 1.3, >= 1.3.6)
      rack-protection (~> 1.2)
      tilt (~> 1.3, >= 1.3.3)
    sinatra-flash (0.3.0)
      sinatra (>= 1.0.0)
    slim (1.3.3)
      temple (~> 0.5.5)
      tilt (~> 1.3.3)
    sprockets (2.7.0)
      hike (~> 1.2)
      multi_json (~> 1.0)
      rack (~> 1.0)
      tilt (~> 1.1, != 1.3.0)
    stringex (1.4.0)
    subexec (0.2.2)
    temple (0.5.5)
    therubyracer (0.10.2)
      libv8 (~> 3.3.10)
    thin (1.4.1)
      daemons (>= 1.0.9)
      eventmachine (>= 0.12.6)
      rack (>= 1.0.0)
    thor (0.15.4)
    tilt (1.3.3)
    treetop (1.4.11)
      polyglot
      polyglot (>= 0.3.1)
    url_mount (0.2.1)
      rack
    uuidtools (2.1.3)
    virtus (0.5.2)
      backports (~> 2.6.1)
    warden (1.2.1)
      rack (>= 1.0)

PLATFORMS
  ruby

DEPENDENCIES
  dm-adjust (~> 1.3.0.beta)!
  dm-aggregates (~> 1.3.0.beta)!
  dm-core (~> 1.3.0.beta)!
  dm-do-adapter (~> 1.3.0.beta)!
  dm-is-list (~> 1.3.0.beta)!
  dm-migrations (~> 1.3.0.beta)!
  dm-postgres-adapter (~> 1.3.0.beta)!
  dm-sqlite-adapter (~> 1.3.0.beta)!
  dm-timestamps (~> 1.3.0.beta)!
  dm-types (~> 1.3.0.beta)!
  dm-validations (~> 1.3.0.beta)!
  factory_girl (~> 2.6.0)
  grisaille (= 0.6.11)!
  picaroon-bootstrap (>= 0.2.0)!
  picaroon-font_awesome (>= 0.0.4)!
  picaroon-jquery!
  picaroon-jquery_lightbox (>= 0.0.3)!
  picaroon-jquery_ujs!
  picaroon-multiselect (>= 0.0.2)!
  piffle
  rack-test
  rake
  redcarpet-tags!
  rspec
  ruby-units (~> 1.4.0)
  thin
